PATH
  remote: .
  specs:
    mongoid-kraken (0.0.0)
      mongoid (>= 2.0.0.rc.8)

GEM
  remote: http://rubygems.org/
  specs:
    ZenTest (4.5.0)
    activemodel (3.0.5)
      activesupport (= 3.0.5)
      builder (~> 2.1.2)
      i18n (~> 0.4)
    activesupport (3.0.5)
    autotest (4.4.6)
      ZenTest (>= 4.4.1)
    bson (1.2.4)
    bson_ext (1.2.4)
    builder (2.1.2)
    diff-lcs (1.1.2)
    i18n (0.5.0)
    mongo (1.2.4)
      bson (>= 1.2.4)
    mongoid (2.0.0.rc.8)
      activemodel (~> 3.0)
      mongo (~> 1.2)
      tzinfo (~> 0.3.22)
      will_paginate (~> 3.0.pre)
    rake (0.8.7)
    rspec (2.5.0)
      rspec-core (~> 2.5.0)
      rspec-expectations (~> 2.5.0)
      rspec-mocks (~> 2.5.0)
    rspec-core (2.5.1)
    rspec-expectations (2.5.0)
      diff-lcs (~> 1.1.2)
    rspec-mocks (2.5.0)
    tzinfo (0.3.25)
    will_paginate (3.0.pre2)
    yard (0.6.5)

PLATFORMS
  ruby

DEPENDENCIES
  autotest (>= 4.4)
  bson_ext (>= 1.2.4)
  mongoid-kraken!
  rake
  rspec (~> 2.5)
  yard (>= 0.6.5)
